GEM
  remote: https://rubygems.org/
  specs:
    gosu (1.4.3)
    minigl (2.4.1)
      gosu (>= 0.11, < 2.0)

PLATFORMS
  ruby

DEPENDENCIES
  minigl (>= 2.3.9)

RUBY VERSION
   ruby 2.7.4p191

BUNDLED WITH
   2.1.4
